GEM
  remote: http://rubygems.org/
  specs:
    activerecord (2.3.2)
      activesupport (= 2.3.2)
    activesupport (2.3.2)
    chicago (0.3.4)
    god (0.7.12)
    haml (2.0.9)
    mysql (2.7)
    rack (1.1.0)
    rest-client (0.9.2)
    sinatra (0.9.4)
      rack (>= 0.9.1)
    sinatra-authorization (1.0.0)
      sinatra (>= 0.9.1.1)
    sqlite3-ruby (1.2.4)
    tobi-delayed_job (1.7.0)
    unicorn (1.0.0)
      rack

PLATFORMS
  ruby

DEPENDENCIES
  activerecord (= 2.3.2)
  activesupport (= 2.3.2)
  chicago (= 0.3.4)
  god (= 0.7.12)
  haml (= 2.0.9)
  mysql (= 2.7)
  rack (= 1.1.0)
  rest-client (= 0.9.2)
  sinatra (= 0.9.4)
  sinatra-authorization (= 1.0.0)
  sqlite3-ruby (= 1.2.4)
  tobi-delayed_job (= 1.7.0)
  unicorn (= 1.0.0)
